GEM
  remote: https://rubygems.org/
  specs:
    dotenv (2.7.6)
    ffi (1.14.2)
    inifile (3.0.0)
    json (2.5.1)
    optparse (0.1.0)
    rb-inotify (0.10.1)
      ffi (~> 1.0)
    rmagick (4.2.1)
    systemu (2.6.5)

PLATFORMS
  ruby
  x86_64-linux

DEPENDENCIES
  dotenv
  inifile
  json
  optparse
  rb-inotify
  rmagick
  systemu

BUNDLED WITH
   2.2.8
