GEM
  remote: https://rubygems.org/
  specs:
    dotenv (2.7.6)
    faraday (1.3.0)
      faraday-net_http (~> 1.0)
      multipart-post (>= 1.2, < 3)
      ruby2_keywords
    faraday-net_http (1.0.1)
    ffi (1.14.2)
    inifile (3.0.0)
    json (2.5.1)
    multipart-post (2.1.1)
    rb-inotify (0.10.1)
      ffi (~> 1.0)
    rmagick (4.2.1)
    ruby2_keywords (0.0.4)
    systemu (2.6.5)

PLATFORMS
  x86_64-linux

DEPENDENCIES
  dotenv
  faraday
  inifile
  json
  rb-inotify
  rmagick
  systemu

BUNDLED WITH
   2.2.8
