GEM
  remote: https://rubygems.org/
  specs:
    rmagick (4.1.2)

PLATFORMS
  x86_64-linux

DEPENDENCIES
  rmagick (= 4.1.2)

BUNDLED WITH
   2.2.7
