GEM
  remote: https://rubygems.org/
  specs:
    ffi (1.13.1)
    inifile (3.0.0)
    json (2.3.1)
    rb-inotify (0.10.1)
      ffi (~> 1.0)
    rmagick (4.1.2)

PLATFORMS
  ruby

DEPENDENCIES
  inifile
  json
  rb-inotify
  rmagick

BUNDLED WITH
   2.1.4
